GEM
  specs:
    bourbon (1.4.0)
      sass (>= 3.1)
    rb-fsevent (0.4.3.1)
    sass (3.1.12)

PLATFORMS
  ruby

DEPENDENCIES
  bourbon
  rb-fsevent
  sass (< 3.1.15)
